GEM
  remote: https://rubygems.org/
  specs:
    actionmailer (4.1.0)
      actionpack (= 4.1.0)
      actionview (= 4.1.0)
      mail (~> 2.5.4)
    actionpack (4.1.0)
      actionview (= 4.1.0)
      activesupport (= 4.1.0)
      rack (~> 1.5.2)
      rack-test (~> 0.6.2)
    actionview (4.1.0)
      activesupport (= 4.1.0)
      builder (~> 3.1)
      erubis (~> 2.7.0)
    activemodel (4.1.0)
      activesupport (= 4.1.0)
      builder (~> 3.1)
    activerecord (4.1.0)
      activemodel (= 4.1.0)
      activesupport (= 4.1.0)
      arel (~> 5.0.0)
    activerecord-deprecated_finders (1.0.3)
    activerecord-postgis-adapter (2.1.0)
      activerecord (~> 4.0)
      rgeo-activerecord (~> 1.0.0)
    activerecord-session_store (0.1.2)
      actionpack (>= 4.0.0, < 5)
      activerecord (>= 4.0.0, < 5)
      railties (>= 4.0.0, < 5)
    activesupport (4.1.0)
      i18n (~> 0.6, >= 0.6.9)
      json (~> 1.7, >= 1.7.7)
      minitest (~> 5.1)
      thread_safe (~> 0.1)
      tzinfo (~> 1.1)
    arel (5.0.1.20140414130214)
    ast (2.4.2)
    bcrypt-ruby (3.1.2)
    bootstrap-sass (2.3.2.0)
      sass (~> 3.2)
    builder (3.1.4)
    capybara (2.1.0)
      mime-types (>= 1.16)
      nokogiri (>= 1.3.3)
      rack (>= 1.0.0)
      rack-test (>= 0.5.4)
      xpath (~> 2.0)
    childprocess (0.5.5)
      ffi (~> 1.0, >= 1.0.11)
    climate_control (0.0.3)
      activesupport (>= 3.0)
    cocaine (0.5.5)
      climate_control (>= 0.0.3, < 1.0)
    coffee-rails (4.0.1)
      coffee-script (>= 2.2.0)
      railties (>= 4.0.0, < 5.0)
    coffee-script (2.3.0)
      coffee-script-source
      execjs
    coffee-script-source (1.8.0)
    diff-lcs (1.2.5)
    domain_name (0.5.20190701)
      unf (>= 0.0.5, < 1.0.0)
    erubis (2.7.0)
    et-orbi (1.2.4)
      tzinfo
    execjs (2.2.2)
    factory_bot (4.11.1)
      activesupport (>= 3.0.0)
    factory_bot_rails (4.11.1)
      factory_bot (~> 4.11.1)
      railties (>= 3.0.0)
    ffi (1.9.6)
    font-awesome-sass (6.4.0)
      sassc (~> 2.0)
    fugit (1.3.4)
      et-orbi (~> 1.1, >= 1.1.8)
      raabro (~> 1.1)
    hike (1.2.3)
    htmlentities (4.3.4)
    http-accept (1.7.0)
    http-cookie (1.0.5)
      domain_name (~> 0.5)
    i18n (0.7.0)
    jaro_winkler (1.5.6)
    jbuilder (1.0.2)
      activesupport (>= 3.0.0)
    jquery-rails (3.0.4)
      railties (>= 3.0, < 5.0)
      thor (>= 0.14, < 2.0)
    jquery-ui-rails (5.0.3)
      railties (>= 3.2.16)
    json (1.8.6)
    jwt (2.3.0)
    keycloak (3.0.0)
      json
      jwt
      rest-client
    mail (2.5.4)
      mime-types (~> 1.16)
      treetop (~> 1.4.8)
    mime-types (1.25.1)
    mini_portile (0.6.1)
    minitest (5.15.0)
    mono_logger (1.1.0)
    multi_json (1.10.1)
    netrc (0.11.0)
    nokogiri (1.6.5)
      mini_portile (~> 0.6.0)
    paperclip (4.2.0)
      activemodel (>= 3.0.0)
      activesupport (>= 3.0.0)
      cocaine (~> 0.5.3)
      mime-types
    parallel (1.19.2)
    parser (3.3.5.0)
      ast (~> 2.4.1)
      racc
    pg (0.17.1)
    polyglot (0.3.5)
    powerpack (0.1.3)
    raabro (1.1.6)
    racc (1.5.2)
    rack (1.5.2)
    rack-protection (1.5.3)
      rack
    rack-test (0.6.2)
      rack (>= 1.0)
    rails (4.1.0)
      actionmailer (= 4.1.0)
      actionpack (= 4.1.0)
      actionview (= 4.1.0)
      activemodel (= 4.1.0)
      activerecord (= 4.1.0)
      activesupport (= 4.1.0)
      bundler (>= 1.3.0, < 2.0)
      railties (= 4.1.0)
      sprockets-rails (~> 2.0)
    railties (4.1.0)
      actionpack (= 4.1.0)
      activesupport (= 4.1.0)
      rake (>= 0.8.7)
      thor (>= 0.18.1, < 2.0)
    rainbow (3.0.0)
    rake (10.4.2)
    rdoc (3.12.2)
      json (~> 1.4)
    redis (3.2.0)
    redis-namespace (1.5.1)
      redis (~> 3.0, >= 3.0.4)
    resque (1.25.2)
      mono_logger (~> 1.0)
      multi_json (~> 1.0)
      redis-namespace (~> 1.3)
      sinatra (>= 0.9.2)
      vegas (~> 0.1.2)
    resque-scheduler (4.2.0)
      mono_logger (~> 1.0)
      redis (~> 3.0)
      resque (~> 1.25)
      rufus-scheduler (~> 3.2)
    rest-client (2.1.0)
      http-accept (>= 1.7.0, < 2.0)
      http-cookie (>= 1.0.2, < 2.0)
      mime-types (>= 1.16, < 4.0)
      netrc (~> 0.8)
    rgeo (0.3.20)
    rgeo-activerecord (1.0.0)
      activerecord (~> 4.0)
      rgeo (~> 0.3.20)
    roo (1.13.2)
      nokogiri
      rubyzip
      spreadsheet (> 0.6.4)
    rspec-core (2.13.1)
    rspec-expectations (2.13.0)
      diff-lcs (>= 1.1.3, < 2.0)
    rspec-mocks (2.13.1)
    rspec-rails (2.13.1)
      actionpack (>= 3.0)
      activesupport (>= 3.0)
      railties (>= 3.0)
      rspec-core (~> 2.13.0)
      rspec-expectations (~> 2.13.0)
      rspec-mocks (~> 2.13.0)
    rubocop (0.57.2)
      jaro_winkler (~> 1.5.1)
      parallel (~> 1.10)
      parser (>= 2.5)
      powerpack (~> 0.1)
      rainbow (>= 2.2.2, < 4.0)
      ruby-progressbar (~> 1.7)
      unicode-display_width (~> 1.0, >= 1.0.1)
    rubocop-ruby2_1 (1.0.4)
      rubocop (= 0.57.2)
    ruby-ole (1.2.12.2)
    ruby-progressbar (1.13.0)
    rubyzip (0.9.9)
    rufus-scheduler (3.6.0)
      fugit (~> 1.1, >= 1.1.6)
    sass (3.4.9)
    sass-rails (4.0.1)
      railties (>= 4.0.0, < 5.0)
      sass (>= 3.1.10)
      sprockets-rails (~> 2.0.0)
    sassc (2.4.0)
      ffi (~> 1.9)
    sdoc (0.3.20)
      json (>= 1.1.3)
      rdoc (~> 3.10)
    selenium-webdriver (2.35.1)
      childprocess (>= 0.2.5)
      multi_json (~> 1.0)
      rubyzip (< 1.0.0)
      websocket (~> 1.0.4)
    sinatra (1.4.5)
      rack (~> 1.4)
      rack-protection (~> 1.4)
      tilt (~> 1.3, >= 1.3.4)
    spreadsheet (1.2.6)
      ruby-ole (>= 1.0)
    sprockets (2.11.0)
      hike (~> 1.2)
      multi_json (~> 1.0)
      rack (~> 1.0)
      tilt (~> 1.1, != 1.3.0)
    sprockets-rails (2.0.1)
      actionpack (>= 3.0)
      activesupport (>= 3.0)
      sprockets (~> 2.8)
    thor (0.19.2)
    thread_safe (0.3.4)
    tilt (1.4.1)
    treetop (1.4.15)
      polyglot
      polyglot (>= 0.3.1)
    turbolinks (1.1.1)
      coffee-rails
    tzinfo (1.2.11)
      thread_safe (~> 0.1)
    uglifier (2.1.1)
      execjs (>= 0.3.0)
      multi_json (~> 1.0, >= 1.0.2)
    unf (0.1.4)
      unf_ext
    unf_ext (0.0.8.2)
    unicode-display_width (1.8.0)
    vegas (0.1.11)
      rack (>= 1.0.0)
    websocket (1.0.7)
    will_paginate (3.0.7)
    xpath (2.0.0)
      nokogiri (~> 1.3)

PLATFORMS
  ruby

DEPENDENCIES
  actionmailer (>= 4.0.5)
  actionpack (>= 4.0.5)
  activemodel (>= 4.0.5)
  activerecord (>= 4.0.5)
  activerecord-deprecated_finders (>= 1.0.3)
  activerecord-postgis-adapter (>= 2.1.0)
  activerecord-session_store
  activesupport (>= 4.0.5)
  arel (>= 4.0.2)
  bcrypt-ruby (>= 3.1.2)
  bootstrap-sass (>= 2.3.2.0)
  builder (>= 3.1.4)
  bundler (>= 1.6.2)
  capybara (>= 2.1.0)
  childprocess (>= 0.5.5)
  climate_control (>= 0.0.3)
  cocaine (>= 0.5.5)
  coffee-rails (>= 4.0.1)
  coffee-script (>= 2.3.0)
  coffee-script-source (>= 1.8.0)
  diff-lcs (>= 1.2.5)
  erubis (>= 2.7.0)
  execjs (>= 2.2.2)
  factory_bot
  factory_bot_rails
  ffi (>= 1.9.6)
  font-awesome-sass
  hike (>= 1.2.3)
  htmlentities
  i18n (>= 0.7.0)
  jbuilder (>= 1.0.2)
  jquery-rails (>= 3.0.4)
  jquery-ui-rails (>= 5.0.3)
  json (>= 1.8.3)
  keycloak
  mail (>= 2.5.4)
  mime-types (>= 1.25.1)
  mini_portile (>= 0.6.1)
  minitest (>= 4.7.5)
  mono_logger (>= 1.1.0)
  multi_json (>= 1.10.1)
  nokogiri (= 1.6.5)
  paperclip (>= 4.2.0)
  pg (= 0.17.1)
  polyglot (>= 0.3.5)
  rack (>= 1.5.2)
  rack-protection (>= 1.5.3)
  rack-test (>= 0.6.2)
  rails (= 4.1.0)
  railties (>= 4.0.5)
  rake (>= 10.4.2)
  rdoc (>= 3.12.2)
  redis (>= 3.2.0)
  redis-namespace (>= 1.5.1)
  resque (>= 1.25.2)
  resque-scheduler
  rgeo (>= 0.3.20)
  rgeo-activerecord (>= 1.0.0)
  roo
  rspec-core (>= 2.13.1)
  rspec-expectations (>= 2.13.0)
  rspec-mocks (>= 2.13.1)
  rspec-rails (>= 2.13.1)
  rubocop-ruby2_1 (~> 1.0)
  rubyzip (>= 0.9.9)
  sass (>= 3.4.9)
  sass-rails (>= 4.0.1)
  sdoc (>= 0.3.20)
  selenium-webdriver (>= 2.35.1)
  sinatra (>= 1.4.5)
  sprockets (>= 2.11.0)
  sprockets-rails (>= 2.0.1)
  thor (>= 0.19.2)
  thread_safe (>= 0.3.4)
  tilt (>= 1.4.1)
  treetop (>= 1.4.15)
  turbolinks (>= 1.1.1)
  tzinfo (>= 0.3.42)
  uglifier (>= 2.1.1)
  vegas (>= 0.1.11)
  websocket (>= 1.0.7)
  will_paginate (>= 3.0.7)
  xpath (>= 2.0.0)

RUBY VERSION
   ruby 2.3.7p456

BUNDLED WITH
   1.17.3
